GIT
  remote: git://github.com/davidmarquis/librarian-puppet.git
  revision: c4e32d71bac255b616d6a676eef0e6ee9fb92771
  ref: c4e32d71bac255b616d6a676eef0e6ee9fb92771
  specs:
    librarian-puppet (0.9.10)
      json
      thor (~> 0.15)

GEM
  remote: https://rubygems.org/
  specs:
    facter (1.7.3)
    hiera (1.2.1)
      json_pure
    json (1.8.0)
    json_pure (1.8.0)
    puppet (3.3.0)
      facter (~> 1.6)
      hiera (~> 1.0)
      rgen (~> 0.6.5)
    rgen (0.6.6)
    thor (0.18.1)
    vagrant-wrapper (1.2.1.1)

PLATFORMS
  ruby

DEPENDENCIES
  librarian-puppet!
  puppet
  vagrant-wrapper
