GIT
  remote: git://github.com/davidmarquis/librarian-puppet.git
  revision: c4e32d71bac255b616d6a676eef0e6ee9fb92771
  ref: c4e32d71bac255b616d6a676eef0e6ee9fb92771
  specs:
    librarian-puppet (0.9.10)
      json
      thor (~> 0.15)

GEM
  remote: https://rubygems.org/
  specs:
    diff-lcs (1.2.4)
    facter (1.7.3)
    hiera (1.2.1)
      json_pure
    highline (1.6.19)
    json (1.8.0)
    json_pure (1.8.0)
    net-ssh (2.7.0)
    puppet (3.3.0)
      facter (~> 1.6)
      hiera (~> 1.0)
      rgen (~> 0.6.5)
    rake (10.1.0)
    rgen (0.6.6)
    rspec (2.14.1)
      rspec-core (~> 2.14.0)
      rspec-expectations (~> 2.14.0)
      rspec-mocks (~> 2.14.0)
    rspec-core (2.14.5)
    rspec-expectations (2.14.2)
      diff-lcs (>= 1.1.3, < 2.0)
    rspec-mocks (2.14.3)
    serverspec (0.8.1)
      highline
      net-ssh
      rspec (>= 2.13.0)
    thor (0.18.1)
    vagrant-wrapper (1.2.1.1)

PLATFORMS
  ruby

DEPENDENCIES
  librarian-puppet!
  puppet
  rake
  rspec
  serverspec
  vagrant-wrapper
